GEM
  remote: https://rubygems.org/
  specs:
    actioncable (5.0.7)
      actionpack (= 5.0.7)
      nio4r (>= 1.2, < 3.0)
      websocket-driver (~> 0.6.1)
    actionmailer (5.0.7)
      actionpack (= 5.0.7)
      actionview (= 5.0.7)
      activejob (= 5.0.7)
      mail (~> 2.5, >= 2.5.4)
      rails-dom-testing (~> 2.0)
    actionpack (5.0.7)
      actionview (= 5.0.7)
      activesupport (= 5.0.7)
      rack (~> 2.0)
      rack-test (~> 0.6.3)
      rails-dom-testing (~> 2.0)
      rails-html-sanitizer (~> 1.0, >= 1.0.2)
    actionview (5.0.7)
      activesupport (= 5.0.7)
      builder (~> 3.1)
      erubis (~> 2.7.0)
      rails-dom-testing (~> 2.0)
      rails-html-sanitizer (~> 1.0, >= 1.0.3)
    activejob (5.0.7)
      activesupport (= 5.0.7)
      globalid (>= 0.3.6)
    activemodel (5.0.7)
      activesupport (= 5.0.7)
    activerecord (5.0.7)
      activemodel (= 5.0.7)
      activesupport (= 5.0.7)
      arel (~> 7.0)
    activesupport (5.0.7)
      concurrent-ruby (~> 1.0, >= 1.0.2)
      i18n (>= 0.7, < 2)
      minitest (~> 5.1)
      tzinfo (~> 1.1)
    airbrussh (1.3.0)
      sshkit (>= 1.6.1, != 1.7.0)
    arel (7.1.4)
    bcrypt (3.1.12)
    binding_of_caller (0.8.0)
      debug_inspector (>= 0.0.1)
    builder (3.2.3)
    byebug (10.0.2)
    capistrano (3.11.0)
      airbrussh (>= 1.0.0)
      i18n
      rake (>= 10.0.0)
      sshkit (>= 1.9.0)
    capistrano-bundler (1.3.0)
      capistrano (~> 3.1)
      sshkit (~> 1.2)
    capistrano-rails (1.4.0)
      capistrano (~> 3.1)
      capistrano-bundler (~> 1.1)
    capistrano-rbenv (2.1.3)
      capistrano (~> 3.1)
      sshkit (~> 1.3)
    capistrano3-unicorn (0.2.1)
      capistrano (~> 3.1, >= 3.1.0)
    carrierwave (1.2.3)
      activemodel (>= 4.0.0)
      activesupport (>= 4.0.0)
      mime-types (>= 1.16)
    coderay (1.1.2)
    coffee-rails (4.2.2)
      coffee-script (>= 2.2.0)
      railties (>= 4.0.0)
    coffee-script (2.4.1)
      coffee-script-source
      execjs
    coffee-script-source (1.12.2)
    concurrent-ruby (1.0.5)
    crass (1.0.4)
    debug_inspector (0.0.3)
    devise (4.4.3)
      bcrypt (~> 3.0)
      orm_adapter (~> 0.1)
      railties (>= 4.1.0, < 6.0)
      responders
      warden (~> 1.2.3)
    diff-lcs (1.3)
    erb2haml (0.1.5)
      html2haml
    erubis (2.7.0)
    excon (0.62.0)
    execjs (2.7.0)
    factory_bot (4.10.0)
      activesupport (>= 3.0.0)
    factory_bot_rails (4.10.0)
      factory_bot (~> 4.10.0)
      railties (>= 3.0.0)
    faker (1.8.7)
      i18n (>= 0.7)
    ffi (1.9.25)
    fog-aws (3.0.0)
      fog-core (~> 2.1)
      fog-json (~> 1.1)
      fog-xml (~> 0.1)
      ipaddress (~> 0.8)
    fog-core (2.1.0)
      builder
      excon (~> 0.58)
      formatador (~> 0.2)
      mime-types
    fog-json (1.2.0)
      fog-core
      multi_json (~> 1.10)
    fog-xml (0.1.3)
      fog-core
      nokogiri (>= 1.5.11, < 2.0.0)
    font-awesome-rails (4.7.0.4)
      railties (>= 3.2, < 6.0)
    formatador (0.2.5)
    globalid (0.4.1)
      activesupport (>= 4.2.0)
    haml (5.0.4)
      temple (>= 0.8.0)
      tilt
    haml-rails (1.0.0)
      actionpack (>= 4.0.1)
      activesupport (>= 4.0.1)
      haml (>= 4.0.6, < 6.0)
      html2haml (>= 1.0.1)
      railties (>= 4.0.1)
    html2haml (2.2.0)
      erubis (~> 2.7.0)
      haml (>= 4.0, < 6)
      nokogiri (>= 1.6.0)
      ruby_parser (~> 3.5)
    i18n (1.0.1)
      concurrent-ruby (~> 1.0)
    ipaddress (0.8.3)
    jbuilder (2.7.0)
      activesupport (>= 4.2.0)
      multi_json (>= 1.2)
    jquery-rails (4.3.3)
      rails-dom-testing (>= 1, < 3)
      railties (>= 4.2.0)
      thor (>= 0.14, < 2.0)
    kgio (2.11.2)
    listen (3.0.8)
      rb-fsevent (~> 0.9, >= 0.9.4)
      rb-inotify (~> 0.9, >= 0.9.7)
    loofah (2.2.2)
      crass (~> 1.0.2)
      nokogiri (>= 1.5.9)
    mail (2.7.0)
      mini_mime (>= 0.1.1)
    method_source (0.9.0)
    mime-types (3.1)
      mime-types-data (~> 3.2015)
    mime-types-data (3.2016.0521)
    mini_magick (4.8.0)
    mini_mime (1.0.0)
    mini_portile2 (2.3.0)
    minitest (5.11.3)
    multi_json (1.13.1)
    mysql2 (0.4.10)
    net-scp (1.2.1)
      net-ssh (>= 2.6.5)
    net-ssh (5.0.2)
    nio4r (2.3.1)
    nokogiri (1.8.2)
      mini_portile2 (~> 2.3.0)
    orm_adapter (0.5.0)
    pry (0.11.3)
      coderay (~> 1.1.0)
      method_source (~> 0.9.0)
    pry-rails (0.3.6)
      pry (>= 0.10.4)
    puma (3.11.4)
    rack (2.0.5)
    rack-test (0.6.3)
      rack (>= 1.0)
    rails (5.0.7)
      actioncable (= 5.0.7)
      actionmailer (= 5.0.7)
      actionpack (= 5.0.7)
      actionview (= 5.0.7)
      activejob (= 5.0.7)
      activemodel (= 5.0.7)
      activerecord (= 5.0.7)
      activesupport (= 5.0.7)
      bundler (>= 1.3.0)
      railties (= 5.0.7)
      sprockets-rails (>= 2.0.0)
    rails-controller-testing (1.0.2)
      actionpack (~> 5.x, >= 5.0.1)
      actionview (~> 5.x, >= 5.0.1)
      activesupport (~> 5.x)
    rails-dom-testing (2.0.3)
      activesupport (>= 4.2.0)
      nokogiri (>= 1.6)
    rails-html-sanitizer (1.0.4)
      loofah (~> 2.2, >= 2.2.2)
    railties (5.0.7)
      actionpack (= 5.0.7)
      activesupport (= 5.0.7)
      method_source
      rake (>= 0.8.7)
      thor (>= 0.18.1, < 2.0)
    raindrops (0.19.0)
    rake (12.3.1)
    rb-fsevent (0.10.3)
    rb-inotify (0.9.10)
      ffi (>= 0.5.0, < 2)
    responders (2.4.0)
      actionpack (>= 4.2.0, < 5.3)
      railties (>= 4.2.0, < 5.3)
    rspec-core (3.7.1)
      rspec-support (~> 3.7.0)
    rspec-expectations (3.7.0)
      diff-lcs (>= 1.2.0, < 2.0)
      rspec-support (~> 3.7.0)
    rspec-mocks (3.7.0)
      diff-lcs (>= 1.2.0, < 2.0)
      rspec-support (~> 3.7.0)
    rspec-rails (3.7.2)
      actionpack (>= 3.0)
      activesupport (>= 3.0)
      railties (>= 3.0)
      rspec-core (~> 3.7.0)
      rspec-expectations (~> 3.7.0)
      rspec-mocks (~> 3.7.0)
      rspec-support (~> 3.7.0)
    rspec-support (3.7.1)
    ruby_parser (3.11.0)
      sexp_processor (~> 4.9)
    sass (3.5.6)
      sass-listen (~> 4.0.0)
    sass-listen (4.0.0)
      rb-fsevent (~> 0.9, >= 0.9.4)
      rb-inotify (~> 0.9, >= 0.9.7)
    sass-rails (5.0.7)
      railties (>= 4.0.0, < 6)
      sass (~> 3.1)
      sprockets (>= 2.8, < 4.0)
      sprockets-rails (>= 2.0, < 4.0)
      tilt (>= 1.1, < 3)
    sexp_processor (4.11.0)
    spring (2.0.2)
      activesupport (>= 4.2)
    sprockets (3.7.1)
      concurrent-ruby (~> 1.0)
      rack (> 1, < 3)
    sprockets-rails (3.2.1)
      actionpack (>= 4.0)
      activesupport (>= 4.0)
      sprockets (>= 3.0.0)
    sshkit (1.17.0)
      net-scp (>= 1.1.2)
      net-ssh (>= 2.8.0)
    temple (0.8.0)
    thor (0.20.0)
    thread_safe (0.3.6)
    tilt (2.0.8)
    tzinfo (1.2.5)
      thread_safe (~> 0.1)
    uglifier (4.1.11)
      execjs (>= 0.3.0, < 3)
    unicorn (5.4.1)
      kgio (~> 2.6)
      raindrops (~> 0.7)
    warden (1.2.7)
      rack (>= 1.0)
    web-console (2.3.0)
      activemodel (>= 4.0)
      binding_of_caller (>= 0.7.2)
      railties (>= 4.0)
      sprockets-rails (>= 2.0, < 4.0)
    websocket-driver (0.6.5)
      websocket-extensions (>= 0.1.0)
    websocket-extensions (0.1.3)

PLATFORMS
  ruby

DEPENDENCIES
  byebug
  capistrano
  capistrano-bundler
  capistrano-rails
  capistrano-rbenv
  capistrano3-unicorn
  carrierwave
  coffee-rails (~> 4.2)
  devise
  erb2haml
  factory_bot_rails (~> 4.0)
  faker
  fog-aws
  font-awesome-rails
  haml-rails
  jbuilder (~> 2.5)
  jquery-rails
  listen (~> 3.0.5)
  mini_magick
  mysql2 (>= 0.3.18, < 0.5)
  pry-rails
  puma (~> 3.0)
  rails (~> 5.0.1)
  rails-controller-testing
  rspec-rails (~> 3.5)
  sass-rails (~> 5.0)
  spring
  tzinfo-data
  uglifier (>= 1.3.0)
  unicorn
  web-console (~> 2.0)

BUNDLED WITH
   1.16.1
